PATH
  remote: .
  specs:
    advices_notifier (0.0.8)
      notifier (~> 0.4.1)

GEM
  remote: https://rubygems.org/
  specs:
    notifier (0.4.1)
    rake (10.1.1)

PLATFORMS
  ruby

DEPENDENCIES
  advices_notifier!
  bundler (~> 1.3)
  rake
