GEM
  remote: https://rubygems.org/
  specs:
    notifier (0.4.1)

PLATFORMS
  ruby

DEPENDENCIES
  notifier (~> 0.4.1)
