PATH
  remote: .
  specs:
    tips_notifier (0.0.1)
      notifier (~> 0.4.1)

GEM
  remote: https://rubygems.org/
  specs:
    notifier (0.4.1)
    rake (10.1.1)

PLATFORMS
  ruby

DEPENDENCIES
  bundler (~> 1.3)
  rake
  tips_notifier!
